GEM
  remote: https://rubygems.org/
  specs:
    equatable (0.5.0)
    gruff (0.7.0)
      rmagick (~> 2.13, >= 2.13.4)
    necromancer (0.5.0)
    pastel (0.7.2)
      equatable (~> 0.5.0)
      tty-color (~> 0.4.0)
    rmagick (2.16.0)
    tty-color (0.4.3)
    tty-cursor (0.7.0)
    tty-prompt (0.19.0)
      necromancer (~> 0.5.0)
      pastel (~> 0.7.0)
      tty-reader (~> 0.6.0)
    tty-reader (0.6.0)
      tty-cursor (~> 0.7)
      tty-screen (~> 0.7)
      wisper (~> 2.0.0)
    tty-screen (0.7.0)
    wisper (2.0.0)

PLATFORMS
  ruby

DEPENDENCIES
  gruff
  tty-prompt

BUNDLED WITH
   2.0.1
