GEM
  remote: https://rubygems.org/
  specs:
    docile (1.1.5)
    json (2.1.0)
    mustermann (1.0.3)
    pi_charts (1.0.0)
    rack (2.0.7)
    rack-protection (2.0.5)
      rack
    simplecov (0.15.1)
      docile (~> 1.1.0)
      json (>= 1.8, < 3)
      simplecov-html (~> 0.10.0)
    simplecov-html (0.10.2)
    sinatra (2.0.5)
      mustermann (~> 1.0)
      rack (~> 2.0)
      rack-protection (= 2.0.5)
      tilt (~> 2.0)
    tilt (2.0.9)

PLATFORMS
  ruby

DEPENDENCIES
  pi_charts
  simplecov
  sinatra

BUNDLED WITH
   2.0.1
